STORAGE: NONE
RESTRICTION: || (== net50) (== netstandard2.0)
NUGET
  remote: https://api.nuget.org/v3/index.json
    Azure.Core (1.15)
      Microsoft.Bcl.AsyncInterfaces (>= 1.0)
      System.Buffers (>= 4.5.1)
      System.Diagnostics.DiagnosticSource (>= 4.6)
      System.Memory (>= 4.5.4)
      System.Memory.Data (>= 1.0.2)
      System.Numerics.Vectors (>= 4.5)
      System.Text.Encodings.Web (>= 4.7.2)
      System.Text.Json (>= 4.6)
      System.Threading.Tasks.Extensions (>= 4.5.2)
    Azure.Identity (1.2.2)
      Azure.Core (>= 1.4.1)
      Microsoft.Identity.Client (>= 4.16.1)
      Microsoft.Identity.Client.Extensions.Msal (>= 2.12)
      System.Memory (>= 4.5.3)
      System.Security.Cryptography.ProtectedData (>= 4.5)
      System.Text.Json (>= 4.6)
      System.Threading.Tasks.Extensions (>= 4.5.2)
    Azure.Messaging.WebPubSub (1.0.0-beta.1)
      Azure.Core (>= 1.13)
      System.IdentityModel.Tokens.Jwt (>= 5.4)
      System.Text.Json (>= 4.6)
    Azure.ResourceManager.Resources (1.0.0-preview.1)
      Azure.Core (>= 1.2.2)
      System.Text.Json (>= 4.6)
    Azure.ResourceManager.Storage (1.0.0-preview.2)
      Azure.Core (>= 1.5)
      System.Text.Json (>= 4.6)
    Azure.Storage.Blobs (12.8)
      Azure.Storage.Common (>= 12.7)
      System.Text.Json (>= 4.6)
    Azure.Storage.Common (12.7)
      Azure.Core (>= 1.8.1)
    Azure.Storage.Queues (12.6)
      Azure.Storage.Common (>= 12.7)
      System.Memory.Data (>= 1.0.1)
      System.Text.Json (>= 4.6)
    Expecto (9.0.2)
      FSharp.Core (>= 4.6)
      Mono.Cecil (>= 0.11.2)
    Farmer (1.4)
      FSharp.Core (>= 4.7.1)
      Newtonsoft.Json (>= 12.0.2)
    FSharp.Core (5.0.1)
    Giraffe (5.0.0-rc-6)
      FSharp.Core (>= 5.0) - restriction: || (== net50) (&& (== netstandard2.0) (>= net50))
      Giraffe.ViewEngine (>= 1.3) - restriction: || (== net50) (&& (== netstandard2.0) (>= net50))
      Microsoft.IO.RecyclableMemoryStream (>= 1.3.6) - restriction: || (== net50) (&& (== netstandard2.0) (>= net50))
      Newtonsoft.Json (>= 12.0.3) - restriction: || (== net50) (&& (== netstandard2.0) (>= net50))
      ply (>= 0.3.1) - restriction: || (== net50) (&& (== netstandard2.0) (>= net50))
      System.Text.Json (>= 5.0) - restriction: || (== net50) (&& (== netstandard2.0) (>= net50))
      Utf8Json (>= 1.3.7) - restriction: || (== net50) (&& (== netstandard2.0) (>= net50))
    Giraffe.ViewEngine (1.3) - restriction: || (== net50) (&& (== netstandard2.0) (>= net50))
      FSharp.Core (>= 5.0) - restriction: || (== net50) (&& (== netstandard2.0) (>= net50))
    Google.Protobuf (3.15.6) - restriction: || (== net50) (&& (== netstandard2.0) (>= netcoreapp3.1))
      System.Memory (>= 4.5.3)
      System.Runtime.CompilerServices.Unsafe (>= 4.5.2)
    Grpc (2.36.4) - restriction: || (== net50) (&& (== netstandard2.0) (>= netcoreapp3.1))
      Grpc.Core (>= 2.36.4)
    Grpc.AspNetCore (2.36) - restriction: || (== net50) (&& (== netstandard2.0) (>= netcoreapp3.1))
      Google.Protobuf (>= 3.15.5) - restriction: || (== net50) (&& (== netstandard2.0) (>= netcoreapp3.0))
      Grpc.AspNetCore.Server.ClientFactory (>= 2.36) - restriction: || (== net50) (&& (== netstandard2.0) (>= netcoreapp3.0))
      Grpc.Tools (>= 2.36.1) - restriction: || (== net50) (&& (== netstandard2.0) (>= netcoreapp3.0))
    Grpc.AspNetCore.Server (2.36) - restriction: || (== net50) (&& (== netstandard2.0) (>= netcoreapp3.1))
      Grpc.Net.Common (>= 2.36) - restriction: || (== net50) (&& (== netstandard2.0) (>= netcoreapp3.0))
    Grpc.AspNetCore.Server.ClientFactory (2.36) - restriction: || (== net50) (&& (== netstandard2.0) (>= netcoreapp3.1))
      Grpc.AspNetCore.Server (>= 2.36) - restriction: || (== net50) (&& (== netstandard2.0) (>= netcoreapp3.0))
      Grpc.Net.ClientFactory (>= 2.36) - restriction: || (== net50) (&& (== netstandard2.0) (>= netcoreapp3.0))
    Grpc.Core (2.36.4) - restriction: || (== net50) (&& (== netstandard2.0) (>= netcoreapp3.1))
      Grpc.Core.Api (>= 2.36.4)
      System.Memory (>= 4.5.3)
    Grpc.Core.Api (2.36.4) - restriction: || (== net50) (&& (== netstandard2.0) (>= netcoreapp3.1))
      System.Memory (>= 4.5.3)
    Grpc.Net.Client (2.36) - restriction: || (== net50) (&& (== netstandard2.0) (>= netcoreapp3.1))
      Grpc.Net.Common (>= 2.36)
      Microsoft.Extensions.Logging.Abstractions (>= 3.0.3)
    Grpc.Net.ClientFactory (2.36) - restriction: || (== net50) (&& (== netstandard2.0) (>= netcoreapp3.1))
      Grpc.Net.Client (>= 2.36) - restriction: || (== net50) (&& (== netstandard2.0) (>= netstandard2.1))
      Microsoft.Extensions.Http (>= 3.0.3) - restriction: || (== net50) (&& (== netstandard2.0) (>= netstandard2.1))
    Grpc.Net.Common (2.36) - restriction: || (== net50) (&& (== netstandard2.0) (>= netcoreapp3.1))
      Grpc.Core.Api (>= 2.36.1)
    Grpc.Tools (2.36.4) - restriction: || (== net50) (&& (== netstandard2.0) (>= netcoreapp3.1))
    Microsoft.Azure.KeyVault (3.0.5)
      Microsoft.Azure.KeyVault.WebKey (>= 3.0.5)
      Microsoft.Rest.ClientRuntime (>= 2.3.20 < 3.0)
      Microsoft.Rest.ClientRuntime.Azure (>= 3.3.18 < 4.0)
      Newtonsoft.Json (>= 10.0.3)
      System.Net.Http (>= 4.3.4)
    Microsoft.Azure.KeyVault.WebKey (3.0.5)
      Microsoft.Rest.ClientRuntime (>= 2.3.20 < 3.0)
      Microsoft.Rest.ClientRuntime.Azure (>= 3.3.18 < 4.0)
      Newtonsoft.Json (>= 10.0.3)
      System.Collections (>= 4.3)
      System.Collections.Concurrent (>= 4.3)
      System.Linq (>= 4.3)
      System.Net.Http (>= 4.3.4)
      System.Runtime (>= 4.3)
      System.Security.Cryptography.Algorithms (>= 4.3)
      System.Security.Cryptography.Cng (>= 4.3)
    Microsoft.Azure.Management.AppService.Fluent (1.37.1)
      Microsoft.Azure.Management.KeyVault.Fluent (>= 1.37.1)
      Microsoft.Azure.Management.Msi.Fluent (>= 1.37.1)
      Microsoft.Azure.Management.ResourceManager.Fluent (>= 1.37.1)
      Microsoft.Azure.Management.Storage.Fluent (>= 1.37.1)
      Microsoft.Rest.ClientRuntime (>= 2.3.20 < 3.0)
      Microsoft.Rest.ClientRuntime.Azure (>= 3.3.18 < 4.0)
      NETStandard.Library (>= 1.6.1)
      System.Net.Http (>= 4.3.4)
    Microsoft.Azure.Management.BatchAI.Fluent (1.37.1)
      Microsoft.Azure.Management.KeyVault.Fluent (>= 1.37.1)
      Microsoft.Azure.Management.ResourceManager.Fluent (>= 1.37.1)
      Microsoft.Azure.Management.Storage.Fluent (>= 1.37.1)
      Microsoft.Rest.ClientRuntime (>= 2.3.20 < 3.0)
      Microsoft.Rest.ClientRuntime.Azure (>= 3.3.18 < 4.0)
      NETStandard.Library (>= 1.6.1)
      System.Net.Http (>= 4.3.4)
    Microsoft.Azure.Management.Cdn.Fluent (1.37.1)
      Microsoft.Azure.Management.ResourceManager.Fluent (>= 1.37.1)
      Microsoft.Rest.ClientRuntime (>= 2.3.20 < 3.0)
      Microsoft.Rest.ClientRuntime.Azure (>= 3.3.18 < 4.0)
      NETStandard.Library (>= 1.6.1)
      System.Net.Http (>= 4.3.4)
    Microsoft.Azure.Management.Compute.Fluent (1.37.1)
      Microsoft.Azure.Management.Graph.RBAC.Fluent (>= 1.37.1)
      Microsoft.Azure.Management.Msi.Fluent (>= 1.37.1)
      Microsoft.Azure.Management.Network.Fluent (>= 1.37.1)
      Microsoft.Azure.Management.ResourceManager.Fluent (>= 1.37.1)
      Microsoft.Azure.Management.Storage.Fluent (>= 1.37.1)
      Microsoft.Rest.ClientRuntime (>= 2.3.20 < 3.0)
      Microsoft.Rest.ClientRuntime.Azure (>= 3.3.18 < 4.0)
      NETStandard.Library (>= 1.6.1)
      System.Net.Http (>= 4.3.4)
    Microsoft.Azure.Management.ContainerInstance.Fluent (1.37.1)
      Microsoft.Azure.Management.Graph.RBAC.Fluent (>= 1.37.1)
      Microsoft.Azure.Management.Msi.Fluent (>= 1.37.1)
      Microsoft.Azure.Management.Network.Fluent (>= 1.37.1)
      Microsoft.Azure.Management.ResourceManager.Fluent (>= 1.37.1)
      Microsoft.Azure.Management.Storage.Fluent (>= 1.37.1)
      Microsoft.Rest.ClientRuntime (>= 2.3.20 < 3.0)
      Microsoft.Rest.ClientRuntime.Azure (>= 3.3.18 < 4.0)
      NETStandard.Library (>= 1.6.1)
      System.Net.Http (>= 4.3.4)
      WindowsAzure.Storage (>= 9.3.3)
    Microsoft.Azure.Management.ContainerRegistry.Fluent (1.37.1)
      Microsoft.Azure.Management.ResourceManager.Fluent (>= 1.37.1)
      Microsoft.Azure.Management.Storage.Fluent (>= 1.37.1)
      Microsoft.Rest.ClientRuntime (>= 2.3.20 < 3.0)
      Microsoft.Rest.ClientRuntime.Azure (>= 3.3.18 < 4.0)
      NETStandard.Library (>= 1.6.1)
      System.Net.Http (>= 4.3.4)
    Microsoft.Azure.Management.ContainerService.Fluent (1.37.1)
      Microsoft.Azure.Management.ResourceManager.Fluent (>= 1.37.1)
      Microsoft.Rest.ClientRuntime (>= 2.3.20 < 3.0)
      Microsoft.Rest.ClientRuntime.Azure (>= 3.3.18 < 4.0)
      NETStandard.Library (>= 1.6.1)
      System.Net.Http (>= 4.3.4)
    Microsoft.Azure.Management.CosmosDB.Fluent (1.37.1)
      Microsoft.Azure.Management.ResourceManager.Fluent (>= 1.37.1)
      Microsoft.Rest.ClientRuntime (>= 2.3.20 < 3.0)
      Microsoft.Rest.ClientRuntime.Azure (>= 3.3.18 < 4.0)
      NETStandard.Library (>= 1.6.1)
      System.Net.Http (>= 4.3.4)
    Microsoft.Azure.Management.Dns.Fluent (1.37.1)
      Microsoft.Azure.Management.ResourceManager.Fluent (>= 1.37.1)
      Microsoft.Rest.ClientRuntime (>= 2.3.20 < 3.0)
      Microsoft.Rest.ClientRuntime.Azure (>= 3.3.18 < 4.0)
      NETStandard.Library (>= 1.6.1)
      System.Net.Http (>= 4.3.4)
    Microsoft.Azure.Management.EventHub.Fluent (1.37.1)
      Microsoft.Azure.Management.ResourceManager.Fluent (>= 1.37.1)
      Microsoft.Azure.Management.Storage.Fluent (>= 1.37.1)
      Microsoft.Rest.ClientRuntime (>= 2.3.20 < 3.0)
      Microsoft.Rest.ClientRuntime.Azure (>= 3.3.18 < 4.0)
      NETStandard.Library (>= 1.6.1)
      System.Net.Http (>= 4.3.4)
      WindowsAzure.Storage (>= 9.3.3)
    Microsoft.Azure.Management.Fluent (1.37.1)
      Microsoft.Azure.Management.AppService.Fluent (>= 1.37.1)
      Microsoft.Azure.Management.BatchAI.Fluent (>= 1.37.1)
      Microsoft.Azure.Management.Cdn.Fluent (>= 1.37.1)
      Microsoft.Azure.Management.Compute.Fluent (>= 1.37.1)
      Microsoft.Azure.Management.ContainerInstance.Fluent (>= 1.37.1)
      Microsoft.Azure.Management.ContainerRegistry.Fluent (>= 1.37.1)
      Microsoft.Azure.Management.ContainerService.Fluent (>= 1.37.1)
      Microsoft.Azure.Management.CosmosDB.Fluent (>= 1.37.1)
      Microsoft.Azure.Management.Dns.Fluent (>= 1.37.1)
      Microsoft.Azure.Management.EventHub.Fluent (>= 1.37.1)
      Microsoft.Azure.Management.Graph.RBAC.Fluent (>= 1.37.1)
      Microsoft.Azure.Management.KeyVault.Fluent (>= 1.37.1)
      Microsoft.Azure.Management.Locks.Fluent (>= 1.37.1)
      Microsoft.Azure.Management.Monitor.Fluent (>= 1.37.1)
      Microsoft.Azure.Management.Msi.Fluent (>= 1.37.1)
      Microsoft.Azure.Management.Network.Fluent (>= 1.37.1)
      Microsoft.Azure.Management.PrivateDns.Fluent (>= 1.37.1)
      Microsoft.Azure.Management.Redis.Fluent (>= 1.37.1)
      Microsoft.Azure.Management.ResourceManager.Fluent (>= 1.37.1)
      Microsoft.Azure.Management.Search.Fluent (>= 1.37.1)
      Microsoft.Azure.Management.ServiceBus.Fluent (>= 1.37.1)
      Microsoft.Azure.Management.Sql.Fluent (>= 1.37.1)
      Microsoft.Azure.Management.Storage.Fluent (>= 1.37.1)
      Microsoft.Azure.Management.TrafficManager.Fluent (>= 1.37.1)
      Microsoft.Rest.ClientRuntime (>= 2.3.20 < 3.0)
      Microsoft.Rest.ClientRuntime.Azure (>= 3.3.18 < 4.0)
      NETStandard.Library (>= 1.6.1)
      System.Net.Http (>= 4.3.4)
    Microsoft.Azure.Management.Graph.RBAC.Fluent (1.37.1)
      Microsoft.Azure.Management.ResourceManager.Fluent (>= 1.37.1)
      Microsoft.Rest.ClientRuntime (>= 2.3.20 < 3.0)
      Microsoft.Rest.ClientRuntime.Azure (>= 3.3.18 < 4.0)
      NETStandard.Library (>= 1.6.1)
      System.Net.Http (>= 4.3.4)
    Microsoft.Azure.Management.KeyVault.Fluent (1.37.1)
      Microsoft.Azure.KeyVault (>= 3.0.5)
      Microsoft.Azure.Management.Graph.RBAC.Fluent (>= 1.37.1)
      Microsoft.Azure.Management.ResourceManager.Fluent (>= 1.37.1)
      Microsoft.Rest.ClientRuntime (>= 2.3.20 < 3.0)
      Microsoft.Rest.ClientRuntime.Azure (>= 3.3.18 < 4.0)
      NETStandard.Library (>= 1.6.1)
      System.Net.Http (>= 4.3.4)
    Microsoft.Azure.Management.Locks.Fluent (1.37.1)
      Microsoft.Azure.Management.ResourceManager.Fluent (>= 1.37.1)
      Microsoft.Rest.ClientRuntime (>= 2.3.20 < 3.0)
      Microsoft.Rest.ClientRuntime.Azure (>= 3.3.18 < 4.0)
      NETStandard.Library (>= 1.6.1)
      System.Net.Http (>= 4.3.4)
    Microsoft.Azure.Management.Monitor.Fluent (1.37.1)
      Microsoft.Azure.Management.ResourceManager.Fluent (>= 1.37.1)
      Microsoft.Rest.ClientRuntime (>= 2.3.20 < 3.0)
      Microsoft.Rest.ClientRuntime.Azure (>= 3.3.18 < 4.0)
      NETStandard.Library (>= 1.6.1)
      System.Net.Http (>= 4.3.4)
    Microsoft.Azure.Management.Msi.Fluent (1.37.1)
      Microsoft.Azure.Management.Graph.RBAC.Fluent (>= 1.37.1)
      Microsoft.Azure.Management.ResourceManager.Fluent (>= 1.37.1)
      Microsoft.Rest.ClientRuntime (>= 2.3.20 < 3.0)
      Microsoft.Rest.ClientRuntime.Azure (>= 3.3.18 < 4.0)
      NETStandard.Library (>= 1.6.1)
      System.Net.Http (>= 4.3.4)
    Microsoft.Azure.Management.Network.Fluent (1.37.1)
      Microsoft.Azure.Management.ResourceManager.Fluent (>= 1.37.1)
      Microsoft.Rest.ClientRuntime (>= 2.3.20 < 3.0)
      Microsoft.Rest.ClientRuntime.Azure (>= 3.3.18 < 4.0)
      NETStandard.Library (>= 1.6.1)
      System.Net.Http (>= 4.3.4)
    Microsoft.Azure.Management.PrivateDns.Fluent (1.37.1)
      Microsoft.Azure.Management.ResourceManager.Fluent (>= 1.37.1)
      Microsoft.Rest.ClientRuntime (>= 2.3.20 < 3.0)
      Microsoft.Rest.ClientRuntime.Azure (>= 3.3.18 < 4.0)
      NETStandard.Library (>= 1.6.1)
      System.Net.Http (>= 4.3.4)
    Microsoft.Azure.Management.Redis.Fluent (1.37.1)
      Microsoft.Azure.Management.ResourceManager.Fluent (>= 1.37.1)
      Microsoft.Rest.ClientRuntime (>= 2.3.20 < 3.0)
      Microsoft.Rest.ClientRuntime.Azure (>= 3.3.18 < 4.0)
      NETStandard.Library (>= 1.6.1)
      System.Net.Http (>= 4.3.4)
    Microsoft.Azure.Management.ResourceManager.Fluent (1.37.1)
      Microsoft.Rest.ClientRuntime (>= 2.3.20 < 3.0)
      Microsoft.Rest.ClientRuntime.Azure (>= 3.3.18 < 4.0)
      Microsoft.Rest.ClientRuntime.Azure.Authentication (>= 2.4.1)
      NETStandard.Library (>= 1.6.1)
      System.Net.Http (>= 4.3.4)
      System.Net.NetworkInformation (>= 4.3)
      System.Reflection.TypeExtensions (>= 4.3)
    Microsoft.Azure.Management.Search.Fluent (1.37.1)
      Microsoft.Azure.Management.ResourceManager.Fluent (>= 1.37.1)
      Microsoft.Rest.ClientRuntime (>= 2.3.20 < 3.0)
      Microsoft.Rest.ClientRuntime.Azure (>= 3.3.18 < 4.0)
      NETStandard.Library (>= 1.6.1)
      System.Net.Http (>= 4.3.4)
    Microsoft.Azure.Management.ServiceBus.Fluent (1.37.1)
      Microsoft.Azure.Management.ResourceManager.Fluent (>= 1.37.1)
      Microsoft.Rest.ClientRuntime (>= 2.3.20 < 3.0)
      Microsoft.Rest.ClientRuntime.Azure (>= 3.3.18 < 4.0)
      NETStandard.Library (>= 1.6.1)
      System.Net.Http (>= 4.3.4)
    Microsoft.Azure.Management.Sql.Fluent (1.37.1)
      Microsoft.Azure.Management.ResourceManager.Fluent (>= 1.37.1)
      Microsoft.Azure.Management.Storage.Fluent (>= 1.37.1)
      Microsoft.Rest.ClientRuntime (>= 2.3.20 < 3.0)
      Microsoft.Rest.ClientRuntime.Azure (>= 3.3.18 < 4.0)
      NETStandard.Library (>= 1.6.1)
      System.Net.Http (>= 4.3.4)
      WindowsAzure.Storage (>= 9.3.3)
    Microsoft.Azure.Management.Storage.Fluent (1.37.1)
      Microsoft.Azure.Management.ResourceManager.Fluent (>= 1.37.1)
      Microsoft.Rest.ClientRuntime (>= 2.3.20 < 3.0)
      Microsoft.Rest.ClientRuntime.Azure (>= 3.3.18 < 4.0)
      NETStandard.Library (>= 1.6.1)
      System.Net.Http (>= 4.3.4)
    Microsoft.Azure.Management.TrafficManager.Fluent (1.37.1)
      Microsoft.Azure.Management.ResourceManager.Fluent (>= 1.37.1)
      Microsoft.Rest.ClientRuntime (>= 2.3.20 < 3.0)
      Microsoft.Rest.ClientRuntime.Azure (>= 3.3.18 < 4.0)
      NETStandard.Library (>= 1.6.1)
      System.Net.Http (>= 4.3.4)
    Microsoft.Bcl.AsyncInterfaces (5.0)
      System.Threading.Tasks.Extensions (>= 4.5.4) - restriction: || (&& (== net50) (>= net461)) (&& (== net50) (< netcoreapp2.1) (< netstandard2.1)) (== netstandard2.0)
    Microsoft.CodeCoverage (16.9.1) - restriction: || (== net50) (&& (== netstandard2.0) (>= net45)) (&& (== netstandard2.0) (>= netcoreapp1.0))
    Microsoft.CSharp (4.7)
    Microsoft.Extensions.DependencyInjection (5.0.1) - restriction: || (== net50) (&& (== netstandard2.0) (>= netcoreapp3.1))
      Microsoft.Extensions.DependencyInjection.Abstractions (>= 5.0)
    Microsoft.Extensions.DependencyInjection.Abstractions (5.0) - restriction: || (== net50) (&& (== netstandard2.0) (>= netcoreapp3.1))
    Microsoft.Extensions.Http (5.0) - restriction: || (== net50) (&& (== netstandard2.0) (>= netcoreapp3.1))
      Microsoft.Extensions.DependencyInjection.Abstractions (>= 5.0)
      Microsoft.Extensions.Logging (>= 5.0)
      Microsoft.Extensions.Logging.Abstractions (>= 5.0)
      Microsoft.Extensions.Options (>= 5.0)
    Microsoft.Extensions.Logging (5.0) - restriction: || (== net50) (&& (== netstandard2.0) (>= netcoreapp3.1))
      Microsoft.Extensions.DependencyInjection (>= 5.0)
      Microsoft.Extensions.DependencyInjection.Abstractions (>= 5.0)
      Microsoft.Extensions.Logging.Abstractions (>= 5.0)
      Microsoft.Extensions.Options (>= 5.0)
    Microsoft.Extensions.Logging.Abstractions (5.0) - restriction: || (== net50) (&& (== netstandard2.0) (>= netcoreapp3.1))
    Microsoft.Extensions.Options (5.0) - restriction: || (== net50) (&& (== netstandard2.0) (>= netcoreapp3.1))
      Microsoft.Extensions.DependencyInjection.Abstractions (>= 5.0)
      Microsoft.Extensions.Primitives (>= 5.0)
    Microsoft.Extensions.Primitives (5.0) - restriction: || (== net50) (&& (== netstandard2.0) (>= netcoreapp3.1))
    Microsoft.Identity.Client (4.28.1)
      Microsoft.CSharp (>= 4.5)
      NETStandard.Library (>= 1.6.1)
      System.ComponentModel.TypeConverter (>= 4.3)
      System.Diagnostics.Process (>= 4.3)
      System.Dynamic.Runtime (>= 4.3)
      System.Private.Uri (>= 4.3.2)
      System.Runtime.Serialization.Formatters (>= 4.3)
      System.Runtime.Serialization.Json (>= 4.3)
      System.Runtime.Serialization.Primitives (>= 4.3)
      System.Security.Cryptography.X509Certificates (>= 4.3)
      System.Security.SecureString (>= 4.3)
      System.Xml.XDocument (>= 4.3)
      System.Xml.XmlDocument (>= 4.3)
    Microsoft.Identity.Client.Extensions.Msal (2.18.2)
      Microsoft.Identity.Client (>= 4.28.1)
      System.Security.Cryptography.ProtectedData (>= 4.5)
    Microsoft.IdentityModel.Clients.ActiveDirectory (5.2.9)
      Microsoft.CSharp (>= 4.3)
      NETStandard.Library (>= 1.6.1)
      System.ComponentModel.TypeConverter (>= 4.3)
      System.Dynamic.Runtime (>= 4.3)
      System.Net.Http (>= 4.3.4)
      System.Private.Uri (>= 4.3.2)
      System.Runtime.Serialization.Formatters (>= 4.3)
      System.Runtime.Serialization.Json (>= 4.3)
      System.Runtime.Serialization.Primitives (>= 4.3)
      System.Security.Cryptography.X509Certificates (>= 4.3)
      System.Security.SecureString (>= 4.3)
      System.Xml.XDocument (>= 4.3)
      System.Xml.XmlDocument (>= 4.3)
    Microsoft.IdentityModel.JsonWebTokens (6.11.1)
      Microsoft.IdentityModel.Tokens (>= 6.11.1)
    Microsoft.IdentityModel.Logging (6.11.1)
    Microsoft.IdentityModel.Tokens (6.11.1)
      Microsoft.CSharp (>= 4.5)
      Microsoft.IdentityModel.Logging (>= 6.11.1)
      System.Security.Cryptography.Cng (>= 4.5)
    Microsoft.IO.RecyclableMemoryStream (2.0) - restriction: || (== net50) (&& (== netstandard2.0) (>= net50))
    Microsoft.NET.Test.Sdk (16.9.1)
      Microsoft.CodeCoverage (>= 16.9.1) - restriction: || (== net50) (&& (== netstandard2.0) (>= net45)) (&& (== netstandard2.0) (>= netcoreapp1.0))
      Microsoft.TestPlatform.TestHost (>= 16.9.1) - restriction: || (== net50) (&& (== netstandard2.0) (>= netcoreapp1.0))
    Microsoft.NETCore.Platforms (5.0.1)
    Microsoft.NETCore.Targets (5.0)
    Microsoft.Rest.ClientRuntime (2.3.22)
      Newtonsoft.Json (>= 10.0.3)
    Microsoft.Rest.ClientRuntime.Azure (3.3.19)
      Microsoft.Rest.ClientRuntime (>= 2.3.19 < 3.0)
      Newtonsoft.Json (>= 10.0.3)
    Microsoft.Rest.ClientRuntime.Azure.Authentication (2.4.1)
      Microsoft.IdentityModel.Clients.ActiveDirectory (>= 4.3)
      Microsoft.IdentityModel.Tokens (>= 5.1.2)
      Microsoft.Rest.ClientRuntime (>= 2.3.20 < 3.0)
      Newtonsoft.Json (>= 10.0.3)
    Microsoft.TestPlatform.ObjectModel (16.9.1) - restriction: || (== net50) (&& (== netstandard2.0) (>= netcoreapp1.0))
      NuGet.Frameworks (>= 5.0)
      System.Reflection.Metadata (>= 1.6)
    Microsoft.TestPlatform.TestHost (16.9.1) - restriction: || (== net50) (&& (== netstandard2.0) (>= netcoreapp1.0))
      Microsoft.TestPlatform.ObjectModel (>= 16.9.1) - restriction: || (== net50) (&& (== netstandard2.0) (>= netcoreapp1.0)) (&& (== netstandard2.0) (>= uap10.0))
      Newtonsoft.Json (>= 9.0.1) - restriction: || (== net50) (&& (== netstandard2.0) (>= netcoreapp1.0)) (&& (== netstandard2.0) (>= uap10.0))
    Microsoft.Win32.Primitives (4.3)
      Microsoft.NETCore.Platforms (>= 1.1)
      Microsoft.NETCore.Targets (>= 1.1)
      System.Runtime (>= 4.3)
    Microsoft.Win32.Registry (5.0)
      System.Security.AccessControl (>= 5.0)
      System.Security.Principal.Windows (>= 5.0)
    Microsoft.Win32.SystemEvents (5.0) - restriction: || (== net50) (&& (== netstandard2.0) (>= netcoreapp3.0))
      Microsoft.NETCore.Platforms (>= 5.0) - restriction: || (== net50) (&& (== netstandard2.0) (>= netcoreapp2.0))
    Mono.Cecil (0.11.3)
    NETStandard.Library (2.0.3)
      Microsoft.NETCore.Platforms (>= 1.1)
    Newtonsoft.Json (13.0.1)
    NuGet.Frameworks (5.9) - restriction: || (== net50) (&& (== netstandard2.0) (>= netcoreapp1.0))
    OneOf (3.0.178) - restriction: || (== net50) (&& (== netstandard2.0) (>= netcoreapp3.1))
      NETStandard.Library (>= 1.6.1)
    Pipelines.Sockets.Unofficial (2.2)
      System.IO.Pipelines (>= 5.0)
    ply (0.3.1)
      FSharp.Core (>= 4.6.2)
      System.Threading.Tasks.Extensions (>= 4.5.4)
    Pulumi (2.23.2) - restriction: || (== net50) (&& (== netstandard2.0) (>= netcoreapp3.1))
      Grpc (>= 2.34) - restriction: || (== net50) (&& (== netstandard2.0) (>= netcoreapp3.1))
      OneOf (>= 2.1.151) - restriction: || (== net50) (&& (== netstandard2.0) (>= netcoreapp3.1))
      Pulumi.Protobuf (>= 3.13) - restriction: || (== net50) (&& (== netstandard2.0) (>= netcoreapp3.1))
      semver (>= 2.0.6) - restriction: || (== net50) (&& (== netstandard2.0) (>= netcoreapp3.1))
      Serilog (>= 2.9) - restriction: || (== net50) (&& (== netstandard2.0) (>= netcoreapp3.1))
      Serilog.Sinks.Console (>= 3.1.1) - restriction: || (== net50) (&& (== netstandard2.0) (>= netcoreapp3.1))
      Serilog.Sinks.File (>= 4.1) - restriction: || (== net50) (&& (== netstandard2.0) (>= netcoreapp3.1))
      System.Collections.Immutable (>= 1.6) - restriction: || (== net50) (&& (== netstandard2.0) (>= netcoreapp3.1))
    Pulumi.Automation (2.23.0-alpha.1615392815)
      Grpc.AspNetCore (>= 2.34) - restriction: || (== net50) (&& (== netstandard2.0) (>= netcoreapp3.1))
      Pulumi (>= 2.23.0-alpha.1615392815) - restriction: || (== net50) (&& (== netstandard2.0) (>= netcoreapp3.1))
      YamlDotNet (>= 9.1) - restriction: || (== net50) (&& (== netstandard2.0) (>= netcoreapp3.1))
    Pulumi.Azure (3.52.1) - restriction: || (== net50) (&& (== netstandard2.0) (>= net50))
      Pulumi (>= 2.23.1) - restriction: || (== net50) (&& (== netstandard2.0) (>= netcoreapp3.1))
      System.Collections.Immutable (>= 1.6) - restriction: || (== net50) (&& (== netstandard2.0) (>= netcoreapp3.1))
    Pulumi.AzureNative (0.7.1)
      Pulumi (>= 2.21.2) - restriction: || (== net50) (&& (== netstandard2.0) (>= netcoreapp3.1))
      System.Collections.Immutable (>= 1.6) - restriction: || (== net50) (&& (== netstandard2.0) (>= netcoreapp3.1))
    Pulumi.FSharp (2.23.2)
      FSharp.Core (>= 4.7.2) - restriction: || (== net50) (&& (== netstandard2.0) (>= netcoreapp3.1))
      Pulumi (>= 2.23.2) - restriction: || (== net50) (&& (== netstandard2.0) (>= netcoreapp3.1))
    Pulumi.FSharp.Azure (3.49.0.29)
      FSharp.Core (>= 5.0.1) - restriction: || (== net50) (&& (== netstandard2.0) (>= net50))
      Pulumi.Azure (>= 3.49) - restriction: || (== net50) (&& (== netstandard2.0) (>= net50))
      Pulumi.FSharp (>= 2.22) - restriction: || (== net50) (&& (== netstandard2.0) (>= net50))
    Pulumi.FSharp.AzureNative (0.7.1.2)
      FSharp.Core (>= 5.0.1) - restriction: || (== net50) (&& (== netstandard2.0) (>= net50))
      Pulumi.AzureNative (>= 0.7.1) - restriction: || (== net50) (&& (== netstandard2.0) (>= net50))
      Pulumi.FSharp (>= 2.22) - restriction: || (== net50) (&& (== netstandard2.0) (>= net50))
    Pulumi.FSharp.Core (2.0.15)
      FSharp.Core (>= 5.0.1) - restriction: || (== net50) (&& (== netstandard2.0) (>= net50))
      Pulumi.FSharp (>= 2.21.1) - restriction: || (== net50) (&& (== netstandard2.0) (>= net50))
    Pulumi.Protobuf (3.13) - restriction: || (== net50) (&& (== netstandard2.0) (>= netcoreapp3.1))
      System.Memory (>= 4.5.2)
      System.Runtime.CompilerServices.Unsafe (>= 4.5.2)
    runtime.debian.8-x64.runtime.native.System.Security.Cryptography.OpenSsl (4.3.3)
    runtime.debian.9-x64.runtime.native.System.Security.Cryptography.OpenSsl (4.3.3)
    runtime.fedora.23-x64.runtime.native.System.Security.Cryptography.OpenSsl (4.3.3)
    runtime.fedora.24-x64.runtime.native.System.Security.Cryptography.OpenSsl (4.3.3)
    runtime.fedora.27-x64.runtime.native.System.Security.Cryptography.OpenSsl (4.3.3)
    runtime.fedora.28-x64.runtime.native.System.Security.Cryptography.OpenSsl (4.3.3)
    runtime.native.System (4.3.1)
      Microsoft.NETCore.Platforms (>= 1.1.1)
      Microsoft.NETCore.Targets (>= 1.1.3)
    runtime.native.System.Net.Http (4.3.1)
      Microsoft.NETCore.Platforms (>= 1.1.1)
      Microsoft.NETCore.Targets (>= 1.1.3)
    runtime.native.System.Security.Cryptography.Apple (4.3.1)
      runtime.osx.10.10-x64.runtime.native.System.Security.Cryptography.Apple (>= 4.3.1)
    runtime.native.System.Security.Cryptography.OpenSsl (4.3.3)
      runtime.debian.8-x64.runtime.native.System.Security.Cryptography.OpenSsl (>= 4.3.3)
      runtime.debian.9-x64.runtime.native.System.Security.Cryptography.OpenSsl (>= 4.3.3)
      runtime.fedora.23-x64.runtime.native.System.Security.Cryptography.OpenSsl (>= 4.3.3)
      runtime.fedora.24-x64.runtime.native.System.Security.Cryptography.OpenSsl (>= 4.3.3)
      runtime.fedora.27-x64.runtime.native.System.Security.Cryptography.OpenSsl (>= 4.3.3)
      runtime.fedora.28-x64.runtime.native.System.Security.Cryptography.OpenSsl (>= 4.3.3)
      runtime.opensuse.13.2-x64.runtime.native.System.Security.Cryptography.OpenSsl (>= 4.3.3)
      runtime.opensuse.42.1-x64.runtime.native.System.Security.Cryptography.OpenSsl (>= 4.3.3)
      runtime.opensuse.42.3-x64.runtime.native.System.Security.Cryptography.OpenSsl (>= 4.3.3)
      runtime.osx.10.10-x64.runtime.native.System.Security.Cryptography.OpenSsl (>= 4.3.3)
      runtime.rhel.7-x64.runtime.native.System.Security.Cryptography.OpenSsl (>= 4.3.3)
      runtime.ubuntu.14.04-x64.runtime.native.System.Security.Cryptography.OpenSsl (>= 4.3.3)
      runtime.ubuntu.16.04-x64.runtime.native.System.Security.Cryptography.OpenSsl (>= 4.3.3)
      runtime.ubuntu.16.10-x64.runtime.native.System.Security.Cryptography.OpenSsl (>= 4.3.3)
      runtime.ubuntu.18.04-x64.runtime.native.System.Security.Cryptography.OpenSsl (>= 4.3.3)
    runtime.opensuse.13.2-x64.runtime.native.System.Security.Cryptography.OpenSsl (4.3.3)
    runtime.opensuse.42.1-x64.runtime.native.System.Security.Cryptography.OpenSsl (4.3.3)
    runtime.opensuse.42.3-x64.runtime.native.System.Security.Cryptography.OpenSsl (4.3.3)
    runtime.osx.10.10-x64.runtime.native.System.Security.Cryptography.Apple (4.3.1)
    runtime.osx.10.10-x64.runtime.native.System.Security.Cryptography.OpenSsl (4.3.3)
    runtime.rhel.7-x64.runtime.native.System.Security.Cryptography.OpenSsl (4.3.3)
    runtime.ubuntu.14.04-x64.runtime.native.System.Security.Cryptography.OpenSsl (4.3.3)
    runtime.ubuntu.16.04-x64.runtime.native.System.Security.Cryptography.OpenSsl (4.3.3)
    runtime.ubuntu.16.10-x64.runtime.native.System.Security.Cryptography.OpenSsl (4.3.3)
    runtime.ubuntu.18.04-x64.runtime.native.System.Security.Cryptography.OpenSsl (4.3.3)
    semver (2.0.6) - restriction: || (== net50) (&& (== netstandard2.0) (>= netcoreapp3.1))
      NETStandard.Library (>= 1.6.1)
    Serilog (2.10) - restriction: || (== net50) (&& (== netstandard2.0) (>= netcoreapp3.1))
    Serilog.Sinks.Console (3.1.1) - restriction: || (== net50) (&& (== netstandard2.0) (>= netcoreapp3.1))
      Serilog (>= 2.5)
      System.Console (>= 4.3)
      System.Runtime.InteropServices (>= 4.3) - restriction: || (== net50) (&& (== netstandard2.0) (>= netcoreapp1.1))
      System.Runtime.InteropServices.RuntimeInformation (>= 4.3) - restriction: || (== net50) (&& (== netstandard2.0) (>= netcoreapp1.1))
    Serilog.Sinks.File (4.1) - restriction: || (== net50) (&& (== netstandard2.0) (>= netcoreapp3.1))
      Serilog (>= 2.5)
      System.IO.FileSystem (>= 4.0.1)
      System.Text.Encoding.Extensions (>= 4.0.11)
      System.Threading.Timer (>= 4.0.1)
    StackExchange.Redis (2.2.50)
      Microsoft.Bcl.AsyncInterfaces (>= 5.0) - restriction: || (&& (== net50) (>= net461)) (&& (== net50) (< netcoreapp3.1)) (== netstandard2.0)
      Pipelines.Sockets.Unofficial (>= 2.2)
      System.Diagnostics.PerformanceCounter (>= 5.0)
      System.Threading.Channels (>= 5.0) - restriction: || (&& (== net50) (>= net461)) (&& (== net50) (< netcoreapp3.1)) (== netstandard2.0)
    System.Buffers (4.5.1)
    System.Collections (4.3)
      Microsoft.NETCore.Platforms (>= 1.1)
      Microsoft.NETCore.Targets (>= 1.1)
      System.Runtime (>= 4.3)
    System.Collections.Concurrent (4.3)
      System.Collections (>= 4.3)
      System.Diagnostics.Debug (>= 4.3)
      System.Diagnostics.Tracing (>= 4.3)
      System.Globalization (>= 4.3)
      System.Reflection (>= 4.3)
      System.Resources.ResourceManager (>= 4.3)
      System.Runtime (>= 4.3)
      System.Runtime.Extensions (>= 4.3)
      System.Threading (>= 4.3)
      System.Threading.Tasks (>= 4.3)
    System.Collections.Immutable (5.0) - restriction: || (== net50) (&& (== netstandard2.0) (>= netcoreapp2.1)) (&& (== netstandard2.0) (>= netcoreapp3.1))
    System.Collections.NonGeneric (4.3)
      System.Diagnostics.Debug (>= 4.3)
      System.Globalization (>= 4.3)
      System.Resources.ResourceManager (>= 4.3)
      System.Runtime (>= 4.3)
      System.Runtime.Extensions (>= 4.3)
      System.Threading (>= 4.3)
    System.Collections.Specialized (4.3)
      System.Collections.NonGeneric (>= 4.3)
      System.Globalization (>= 4.3)
      System.Globalization.Extensions (>= 4.3)
      System.Resources.ResourceManager (>= 4.3)
      System.Runtime (>= 4.3)
      System.Runtime.Extensions (>= 4.3)
      System.Threading (>= 4.3)
    System.ComponentModel (4.3)
      System.Runtime (>= 4.3)
    System.ComponentModel.Primitives (4.3)
      System.ComponentModel (>= 4.3)
      System.Resources.ResourceManager (>= 4.3)
      System.Runtime (>= 4.3)
    System.ComponentModel.TypeConverter (4.3)
      System.Collections (>= 4.3)
      System.Collections.NonGeneric (>= 4.3)
      System.Collections.Specialized (>= 4.3)
      System.ComponentModel (>= 4.3)
      System.ComponentModel.Primitives (>= 4.3)
      System.Globalization (>= 4.3)
      System.Linq (>= 4.3)
      System.Reflection (>= 4.3)
      System.Reflection.Extensions (>= 4.3)
      System.Reflection.Primitives (>= 4.3)
      System.Reflection.TypeExtensions (>= 4.3)
      System.Resources.ResourceManager (>= 4.3)
      System.Runtime (>= 4.3)
      System.Runtime.Extensions (>= 4.3)
      System.Threading (>= 4.3)
    System.Configuration.ConfigurationManager (5.0) - restriction: || (== net50) (&& (== netstandard2.0) (>= netcoreapp2.0)) (&& (== netstandard2.0) (>= netcoreapp2.1))
      System.Security.Cryptography.ProtectedData (>= 5.0)
      System.Security.Permissions (>= 5.0)
    System.Console (4.3.1) - restriction: || (== net50) (&& (== netstandard2.0) (>= netcoreapp3.1))
      Microsoft.NETCore.Platforms (>= 1.1)
      Microsoft.NETCore.Targets (>= 1.1.2)
      System.IO (>= 4.3)
      System.Runtime (>= 4.3)
      System.Text.Encoding (>= 4.3)
    System.Diagnostics.Debug (4.3)
      Microsoft.NETCore.Platforms (>= 1.1)
      Microsoft.NETCore.Targets (>= 1.1)
      System.Runtime (>= 4.3)
    System.Diagnostics.DiagnosticSource (5.0.1)
      System.Memory (>= 4.5.4) - restriction: || (&& (== net50) (>= net45) (< netstandard1.3)) (&& (== net50) (>= net46)) (&& (== net50) (< netcoreapp2.1)) (&& (== net50) (< netstandard2.0)) (&& (== net50) (>= uap10.1)) (== netstandard2.0)
      System.Runtime.CompilerServices.Unsafe (>= 5.0) - restriction: || (&& (== net50) (>= monotouch)) (&& (== net50) (>= net45) (< netstandard1.3)) (&& (== net50) (>= net46)) (&& (== net50) (< netcoreapp2.1)) (&& (== net50) (< netcoreapp3.0)) (&& (== net50) (< netstandard2.0)) (&& (== net50) (>= uap10.1)) (== netstandard2.0)
    System.Diagnostics.PerformanceCounter (5.0.1)
      Microsoft.NETCore.Platforms (>= 5.0.1) - restriction: || (== net50) (&& (== netstandard2.0) (>= netcoreapp2.0)) (&& (== netstandard2.0) (>= netcoreapp2.1))
      Microsoft.Win32.Registry (>= 5.0) - restriction: || (== net50) (&& (== netstandard2.0) (>= netcoreapp2.0)) (&& (== netstandard2.0) (>= netcoreapp2.1))
      System.Configuration.ConfigurationManager (>= 5.0) - restriction: || (== net50) (&& (== netstandard2.0) (>= netcoreapp2.0)) (&& (== netstandard2.0) (>= netcoreapp2.1))
      System.Security.Principal.Windows (>= 5.0) - restriction: || (== net50) (&& (== netstandard2.0) (>= netcoreapp2.0)) (&& (== netstandard2.0) (>= netcoreapp2.1))
    System.Diagnostics.Process (4.3)
      Microsoft.NETCore.Platforms (>= 1.1)
      Microsoft.Win32.Primitives (>= 4.3)
      Microsoft.Win32.Registry (>= 4.3)
      runtime.native.System (>= 4.3)
      System.Collections (>= 4.3)
      System.Diagnostics.Debug (>= 4.3)
      System.Globalization (>= 4.3)
      System.IO (>= 4.3)
      System.IO.FileSystem (>= 4.3)
      System.IO.FileSystem.Primitives (>= 4.3)
      System.Resources.ResourceManager (>= 4.3)
      System.Runtime (>= 4.3)
      System.Runtime.Extensions (>= 4.3)
      System.Runtime.Handles (>= 4.3)
      System.Runtime.InteropServices (>= 4.3)
      System.Text.Encoding (>= 4.3)
      System.Text.Encoding.Extensions (>= 4.3)
      System.Threading (>= 4.3)
      System.Threading.Tasks (>= 4.3)
      System.Threading.Thread (>= 4.3)
      System.Threading.ThreadPool (>= 4.3)
    System.Diagnostics.Tools (4.3)
      Microsoft.NETCore.Platforms (>= 1.1)
      Microsoft.NETCore.Targets (>= 1.1)
      System.Runtime (>= 4.3)
    System.Diagnostics.Tracing (4.3)
      Microsoft.NETCore.Platforms (>= 1.1)
      Microsoft.NETCore.Targets (>= 1.1)
      System.Runtime (>= 4.3)
    System.Drawing.Common (5.0.2) - restriction: || (== net50) (&& (== netstandard2.0) (>= netcoreapp3.0))
      Microsoft.Win32.SystemEvents (>= 5.0) - restriction: || (== net50) (&& (== netstandard2.0) (>= netcoreapp2.0)) (&& (== netstandard2.0) (>= netcoreapp3.0))
    System.Dynamic.Runtime (4.3)
      System.Collections (>= 4.3)
      System.Diagnostics.Debug (>= 4.3)
      System.Linq (>= 4.3)
      System.Linq.Expressions (>= 4.3)
      System.ObjectModel (>= 4.3)
      System.Reflection (>= 4.3)
      System.Reflection.Emit (>= 4.3)
      System.Reflection.Emit.ILGeneration (>= 4.3)
      System.Reflection.Primitives (>= 4.3)
      System.Reflection.TypeExtensions (>= 4.3)
      System.Resources.ResourceManager (>= 4.3)
      System.Runtime (>= 4.3)
      System.Runtime.Extensions (>= 4.3)
      System.Threading (>= 4.3)
    System.Formats.Asn1 (5.0) - restriction: || (== net50) (&& (== netstandard2.0) (>= netcoreapp3.0))
    System.Globalization (4.3)
      Microsoft.NETCore.Platforms (>= 1.1)
      Microsoft.NETCore.Targets (>= 1.1)
      System.Runtime (>= 4.3)
    System.Globalization.Calendars (4.3)
      Microsoft.NETCore.Platforms (>= 1.1)
      Microsoft.NETCore.Targets (>= 1.1)
      System.Globalization (>= 4.3)
      System.Runtime (>= 4.3)
    System.Globalization.Extensions (4.3)
      Microsoft.NETCore.Platforms (>= 1.1)
      System.Globalization (>= 4.3)
      System.Resources.ResourceManager (>= 4.3)
      System.Runtime (>= 4.3)
      System.Runtime.Extensions (>= 4.3)
      System.Runtime.InteropServices (>= 4.3)
    System.IdentityModel.Tokens.Jwt (6.11.1)
      Microsoft.IdentityModel.JsonWebTokens (>= 6.11.1)
      Microsoft.IdentityModel.Tokens (>= 6.11.1)
    System.IO (4.3)
      Microsoft.NETCore.Platforms (>= 1.1)
      Microsoft.NETCore.Targets (>= 1.1)
      System.Runtime (>= 4.3)
      System.Text.Encoding (>= 4.3)
      System.Threading.Tasks (>= 4.3)
    System.IO.FileSystem (4.3)
      Microsoft.NETCore.Platforms (>= 1.1)
      Microsoft.NETCore.Targets (>= 1.1)
      System.IO (>= 4.3)
      System.IO.FileSystem.Primitives (>= 4.3)
      System.Runtime (>= 4.3)
      System.Runtime.Handles (>= 4.3)
      System.Text.Encoding (>= 4.3)
      System.Threading.Tasks (>= 4.3)
    System.IO.FileSystem.Primitives (4.3)
      System.Runtime (>= 4.3)
    System.IO.Pipelines (5.0.1)
      System.Buffers (>= 4.5.1) - restriction: || (&& (== net50) (>= monotouch)) (&& (== net50) (>= net461)) (&& (== net50) (< netcoreapp2.0)) (&& (== net50) (< netstandard2.0)) (&& (== net50) (>= xamarinios)) (&& (== net50) (>= xamarinmac)) (&& (== net50) (>= xamarintvos)) (&& (== net50) (>= xamarinwatchos)) (== netstandard2.0)
      System.Memory (>= 4.5.4) - restriction: || (&& (== net50) (>= net461)) (&& (== net50) (< netcoreapp2.0)) (&& (== net50) (< netcoreapp2.1)) (&& (== net50) (< netstandard2.0)) (&& (== net50) (>= uap10.1)) (== netstandard2.0)
      System.Threading.Tasks.Extensions (>= 4.5.4) - restriction: || (&& (== net50) (>= net461)) (&& (== net50) (< netcoreapp2.0)) (&& (== net50) (< netcoreapp2.1)) (&& (== net50) (< netstandard2.0)) (&& (== net50) (>= uap10.1)) (== netstandard2.0)
    System.Linq (4.3)
      System.Collections (>= 4.3)
      System.Diagnostics.Debug (>= 4.3)
      System.Resources.ResourceManager (>= 4.3)
      System.Runtime (>= 4.3)
      System.Runtime.Extensions (>= 4.3)
    System.Linq.Expressions (4.3)
      System.Collections (>= 4.3)
      System.Diagnostics.Debug (>= 4.3)
      System.Globalization (>= 4.3)
      System.IO (>= 4.3)
      System.Linq (>= 4.3)
      System.ObjectModel (>= 4.3)
      System.Reflection (>= 4.3)
      System.Reflection.Emit (>= 4.3)
      System.Reflection.Emit.ILGeneration (>= 4.3)
      System.Reflection.Emit.Lightweight (>= 4.3)
      System.Reflection.Extensions (>= 4.3)
      System.Reflection.Primitives (>= 4.3)
      System.Reflection.TypeExtensions (>= 4.3)
      System.Resources.ResourceManager (>= 4.3)
      System.Runtime (>= 4.3)
      System.Runtime.Extensions (>= 4.3)
      System.Threading (>= 4.3)
    System.Memory (4.5.4)
      System.Buffers (>= 4.5.1) - restriction: || (&& (== net50) (>= monotouch)) (&& (== net50) (>= net461)) (&& (== net50) (< netcoreapp2.0)) (&& (== net50) (< netstandard1.1)) (&& (== net50) (< netstandard2.0)) (&& (== net50) (>= xamarinios)) (&& (== net50) (>= xamarinmac)) (&& (== net50) (>= xamarintvos)) (&& (== net50) (>= xamarinwatchos)) (== netstandard2.0)
      System.Numerics.Vectors (>= 4.4) - restriction: || (&& (== net50) (< netcoreapp2.0)) (== netstandard2.0)
      System.Runtime.CompilerServices.Unsafe (>= 4.5.3) - restriction: || (&& (== net50) (>= monotouch)) (&& (== net50) (>= net461)) (&& (== net50) (< netcoreapp2.0)) (&& (== net50) (< netcoreapp2.1)) (&& (== net50) (< netstandard1.1)) (&& (== net50) (< netstandard2.0)) (&& (== net50) (>= uap10.1)) (&& (== net50) (>= xamarinios)) (&& (== net50) (>= xamarinmac)) (&& (== net50) (>= xamarintvos)) (&& (== net50) (>= xamarinwatchos)) (== netstandard2.0)
    System.Memory.Data (1.0.2)
      System.Text.Encodings.Web (>= 4.7.2)
      System.Text.Json (>= 4.6)
    System.Net.Http (4.3.4)
      Microsoft.NETCore.Platforms (>= 1.1.1)
      runtime.native.System (>= 4.3)
      runtime.native.System.Net.Http (>= 4.3)
      runtime.native.System.Security.Cryptography.OpenSsl (>= 4.3.2)
      System.Collections (>= 4.3)
      System.Diagnostics.Debug (>= 4.3)
      System.Diagnostics.DiagnosticSource (>= 4.3)
      System.Diagnostics.Tracing (>= 4.3)
      System.Globalization (>= 4.3)
      System.Globalization.Extensions (>= 4.3)
      System.IO (>= 4.3)
      System.IO.FileSystem (>= 4.3)
      System.Net.Primitives (>= 4.3)
      System.Resources.ResourceManager (>= 4.3)
      System.Runtime (>= 4.3)
      System.Runtime.Extensions (>= 4.3)
      System.Runtime.Handles (>= 4.3)
      System.Runtime.InteropServices (>= 4.3)
      System.Security.Cryptography.Algorithms (>= 4.3)
      System.Security.Cryptography.Encoding (>= 4.3)
      System.Security.Cryptography.OpenSsl (>= 4.3)
      System.Security.Cryptography.Primitives (>= 4.3)
      System.Security.Cryptography.X509Certificates (>= 4.3)
      System.Text.Encoding (>= 4.3)
      System.Threading (>= 4.3)
      System.Threading.Tasks (>= 4.3)
    System.Net.NetworkInformation (4.3)
      Microsoft.NETCore.Platforms (>= 1.1)
      Microsoft.Win32.Primitives (>= 4.3)
      runtime.native.System (>= 4.3)
      System.Collections (>= 4.3)
      System.Diagnostics.Tracing (>= 4.3)
      System.Globalization (>= 4.3)
      System.IO (>= 4.3)
      System.IO.FileSystem (>= 4.3)
      System.IO.FileSystem.Primitives (>= 4.3)
      System.Linq (>= 4.3)
      System.Net.Primitives (>= 4.3)
      System.Net.Sockets (>= 4.3)
      System.Resources.ResourceManager (>= 4.3)
      System.Runtime (>= 4.3)
      System.Runtime.Extensions (>= 4.3)
      System.Runtime.Handles (>= 4.3)
      System.Runtime.InteropServices (>= 4.3)
      System.Security.Principal.Windows (>= 4.3)
      System.Threading (>= 4.3)
      System.Threading.Overlapped (>= 4.3)
      System.Threading.Tasks (>= 4.3)
      System.Threading.Thread (>= 4.3)
      System.Threading.ThreadPool (>= 4.3)
    System.Net.Primitives (4.3.1)
      Microsoft.NETCore.Platforms (>= 1.1.1)
      Microsoft.NETCore.Targets (>= 1.1.3)
      System.Runtime (>= 4.3.1)
      System.Runtime.Handles (>= 4.3)
    System.Net.Sockets (4.3)
      Microsoft.NETCore.Platforms (>= 1.1)
      Microsoft.NETCore.Targets (>= 1.1)
      System.IO (>= 4.3)
      System.Net.Primitives (>= 4.3)
      System.Runtime (>= 4.3)
      System.Threading.Tasks (>= 4.3)
    System.Numerics.Vectors (4.5)
    System.ObjectModel (4.3)
      System.Collections (>= 4.3)
      System.Diagnostics.Debug (>= 4.3)
      System.Resources.ResourceManager (>= 4.3)
      System.Runtime (>= 4.3)
      System.Threading (>= 4.3)
    System.Private.DataContractSerialization (4.3)
      System.Collections (>= 4.3)
      System.Collections.Concurrent (>= 4.3)
      System.Diagnostics.Debug (>= 4.3)
      System.Globalization (>= 4.3)
      System.IO (>= 4.3)
      System.Linq (>= 4.3)
      System.Reflection (>= 4.3)
      System.Reflection.Emit.ILGeneration (>= 4.3)
      System.Reflection.Emit.Lightweight (>= 4.3)
      System.Reflection.Extensions (>= 4.3)
      System.Reflection.Primitives (>= 4.3)
      System.Reflection.TypeExtensions (>= 4.3)
      System.Resources.ResourceManager (>= 4.3)
      System.Runtime (>= 4.3)
      System.Runtime.Extensions (>= 4.3)
      System.Runtime.Serialization.Primitives (>= 4.3)
      System.Text.Encoding (>= 4.3)
      System.Text.Encoding.Extensions (>= 4.3)
      System.Text.RegularExpressions (>= 4.3)
      System.Threading (>= 4.3)
      System.Threading.Tasks (>= 4.3)
      System.Xml.ReaderWriter (>= 4.3)
      System.Xml.XDocument (>= 4.3)
      System.Xml.XmlDocument (>= 4.3)
      System.Xml.XmlSerializer (>= 4.3)
    System.Private.Uri (4.3.2)
      Microsoft.NETCore.Platforms (>= 1.1.1)
      Microsoft.NETCore.Targets (>= 1.1.3)
    System.Reflection (4.3)
      Microsoft.NETCore.Platforms (>= 1.1)
      Microsoft.NETCore.Targets (>= 1.1)
      System.IO (>= 4.3)
      System.Reflection.Primitives (>= 4.3)
      System.Runtime (>= 4.3)
    System.Reflection.Emit (4.7)
    System.Reflection.Emit.ILGeneration (4.7)
    System.Reflection.Emit.Lightweight (4.7)
    System.Reflection.Extensions (4.3)
      Microsoft.NETCore.Platforms (>= 1.1)
      Microsoft.NETCore.Targets (>= 1.1)
      System.Reflection (>= 4.3)
      System.Runtime (>= 4.3)
    System.Reflection.Metadata (5.0) - restriction: || (== net50) (&& (== netstandard2.0) (>= netcoreapp1.0))
    System.Reflection.Primitives (4.3)
      Microsoft.NETCore.Platforms (>= 1.1)
      Microsoft.NETCore.Targets (>= 1.1)
      System.Runtime (>= 4.3)
    System.Reflection.TypeExtensions (4.7)
    System.Resources.ResourceManager (4.3)
      Microsoft.NETCore.Platforms (>= 1.1)
      Microsoft.NETCore.Targets (>= 1.1)
      System.Globalization (>= 4.3)
      System.Reflection (>= 4.3)
      System.Runtime (>= 4.3)
    System.Runtime (4.3.1)
      Microsoft.NETCore.Platforms (>= 1.1.1)
      Microsoft.NETCore.Targets (>= 1.1.3)
    System.Runtime.CompilerServices.Unsafe (5.0)
    System.Runtime.Extensions (4.3.1)
      Microsoft.NETCore.Platforms (>= 1.1.1)
      Microsoft.NETCore.Targets (>= 1.1.3)
      System.Runtime (>= 4.3.1)
    System.Runtime.Handles (4.3)
      Microsoft.NETCore.Platforms (>= 1.1)
      Microsoft.NETCore.Targets (>= 1.1)
      System.Runtime (>= 4.3)
    System.Runtime.InteropServices (4.3)
      Microsoft.NETCore.Platforms (>= 1.1)
      Microsoft.NETCore.Targets (>= 1.1)
      System.Reflection (>= 4.3)
      System.Reflection.Primitives (>= 4.3)
      System.Runtime (>= 4.3)
      System.Runtime.Handles (>= 4.3)
    System.Runtime.InteropServices.RuntimeInformation (4.3) - restriction: || (== net50) (&& (== netstandard2.0) (>= netcoreapp3.1))
      runtime.native.System (>= 4.3)
      System.Reflection (>= 4.3)
      System.Reflection.Extensions (>= 4.3)
      System.Resources.ResourceManager (>= 4.3)
      System.Runtime (>= 4.3)
      System.Runtime.InteropServices (>= 4.3)
      System.Threading (>= 4.3)
    System.Runtime.Numerics (4.3)
      System.Globalization (>= 4.3)
      System.Resources.ResourceManager (>= 4.3)
      System.Runtime (>= 4.3)
      System.Runtime.Extensions (>= 4.3)
    System.Runtime.Serialization.Formatters (4.3)
      System.Collections (>= 4.3)
      System.Reflection (>= 4.3)
      System.Resources.ResourceManager (>= 4.3)
      System.Runtime (>= 4.3)
      System.Runtime.Serialization.Primitives (>= 4.3)
    System.Runtime.Serialization.Json (4.3)
      System.IO (>= 4.3)
      System.Private.DataContractSerialization (>= 4.3)
      System.Runtime (>= 4.3)
    System.Runtime.Serialization.Primitives (4.3)
      System.Resources.ResourceManager (>= 4.3)
      System.Runtime (>= 4.3)
    System.Security.AccessControl (5.0) - restriction: || (== net50) (&& (== netstandard2.0) (>= netcoreapp2.0)) (&& (== netstandard2.0) (>= netcoreapp2.1))
      Microsoft.NETCore.Platforms (>= 5.0) - restriction: || (== net50) (&& (== netstandard2.0) (>= netcoreapp2.0))
      System.Security.Principal.Windows (>= 5.0)
    System.Security.Cryptography.Algorithms (4.3.1)
      Microsoft.NETCore.Platforms (>= 1.1)
      runtime.native.System.Security.Cryptography.Apple (>= 4.3.1)
      runtime.native.System.Security.Cryptography.OpenSsl (>= 4.3.2)
      System.Collections (>= 4.3)
      System.IO (>= 4.3)
      System.Resources.ResourceManager (>= 4.3)
      System.Runtime (>= 4.3)
      System.Runtime.Extensions (>= 4.3)
      System.Runtime.Handles (>= 4.3)
      System.Runtime.InteropServices (>= 4.3)
      System.Runtime.Numerics (>= 4.3)
      System.Security.Cryptography.Encoding (>= 4.3)
      System.Security.Cryptography.Primitives (>= 4.3)
      System.Text.Encoding (>= 4.3)
    System.Security.Cryptography.Cng (5.0)
      System.Formats.Asn1 (>= 5.0) - restriction: || (== net50) (&& (== netstandard2.0) (>= netcoreapp3.0))
    System.Security.Cryptography.Csp (4.3)
      Microsoft.NETCore.Platforms (>= 1.1)
      System.IO (>= 4.3)
      System.Reflection (>= 4.3)
      System.Resources.ResourceManager (>= 4.3)
      System.Runtime (>= 4.3)
      System.Runtime.Extensions (>= 4.3)
      System.Runtime.Handles (>= 4.3)
      System.Runtime.InteropServices (>= 4.3)
      System.Security.Cryptography.Algorithms (>= 4.3)
      System.Security.Cryptography.Encoding (>= 4.3)
      System.Security.Cryptography.Primitives (>= 4.3)
      System.Text.Encoding (>= 4.3)
      System.Threading (>= 4.3)
    System.Security.Cryptography.Encoding (4.3)
      Microsoft.NETCore.Platforms (>= 1.1)
      runtime.native.System.Security.Cryptography.OpenSsl (>= 4.3)
      System.Collections (>= 4.3)
      System.Collections.Concurrent (>= 4.3)
      System.Linq (>= 4.3)
      System.Resources.ResourceManager (>= 4.3)
      System.Runtime (>= 4.3)
      System.Runtime.Extensions (>= 4.3)
      System.Runtime.Handles (>= 4.3)
      System.Runtime.InteropServices (>= 4.3)
      System.Security.Cryptography.Primitives (>= 4.3)
      System.Text.Encoding (>= 4.3)
    System.Security.Cryptography.OpenSsl (5.0)
      System.Formats.Asn1 (>= 5.0) - restriction: || (== net50) (&& (== netstandard2.0) (>= netcoreapp3.0))
    System.Security.Cryptography.Primitives (4.3)
      System.Diagnostics.Debug (>= 4.3)
      System.Globalization (>= 4.3)
      System.IO (>= 4.3)
      System.Resources.ResourceManager (>= 4.3)
      System.Runtime (>= 4.3)
      System.Threading (>= 4.3)
      System.Threading.Tasks (>= 4.3)
    System.Security.Cryptography.ProtectedData (5.0)
      System.Memory (>= 4.5.4) - restriction: || (&& (== net50) (< netcoreapp2.1)) (== netstandard2.0)
    System.Security.Cryptography.X509Certificates (4.3.2)
      Microsoft.NETCore.Platforms (>= 1.1)
      runtime.native.System (>= 4.3)
      runtime.native.System.Net.Http (>= 4.3)
      runtime.native.System.Security.Cryptography.OpenSsl (>= 4.3.2)
      System.Collections (>= 4.3)
      System.Diagnostics.Debug (>= 4.3)
      System.Globalization (>= 4.3)
      System.Globalization.Calendars (>= 4.3)
      System.IO (>= 4.3)
      System.IO.FileSystem (>= 4.3)
      System.IO.FileSystem.Primitives (>= 4.3)
      System.Resources.ResourceManager (>= 4.3)
      System.Runtime (>= 4.3)
      System.Runtime.Extensions (>= 4.3)
      System.Runtime.Handles (>= 4.3)
      System.Runtime.InteropServices (>= 4.3)
      System.Runtime.Numerics (>= 4.3)
      System.Security.Cryptography.Algorithms (>= 4.3)
      System.Security.Cryptography.Cng (>= 4.3)
      System.Security.Cryptography.Csp (>= 4.3)
      System.Security.Cryptography.Encoding (>= 4.3)
      System.Security.Cryptography.OpenSsl (>= 4.3)
      System.Security.Cryptography.Primitives (>= 4.3)
      System.Text.Encoding (>= 4.3)
      System.Threading (>= 4.3)
    System.Security.Permissions (5.0) - restriction: || (== net50) (&& (== netstandard2.0) (>= netcoreapp2.0)) (&& (== netstandard2.0) (>= netcoreapp2.1))
      System.Security.AccessControl (>= 5.0)
      System.Windows.Extensions (>= 5.0) - restriction: || (== net50) (&& (== netstandard2.0) (>= netcoreapp3.0))
    System.Security.Principal.Windows (5.0)
    System.Security.SecureString (4.3)
      Microsoft.NETCore.Platforms (>= 1.1)
      System.Resources.ResourceManager (>= 4.3)
      System.Runtime (>= 4.3)
      System.Runtime.Handles (>= 4.3)
      System.Runtime.InteropServices (>= 4.3)
      System.Security.Cryptography.Primitives (>= 4.3)
      System.Text.Encoding (>= 4.3)
      System.Threading (>= 4.3)
    System.Text.Encoding (4.3)
      Microsoft.NETCore.Platforms (>= 1.1)
      Microsoft.NETCore.Targets (>= 1.1)
      System.Runtime (>= 4.3)
    System.Text.Encoding.Extensions (4.3)
      Microsoft.NETCore.Platforms (>= 1.1)
      Microsoft.NETCore.Targets (>= 1.1)
      System.Runtime (>= 4.3)
      System.Text.Encoding (>= 4.3)
    System.Text.Encodings.Web (5.0.1)
      System.Buffers (>= 4.5.1) - restriction: || (&& (== net50) (>= net461)) (&& (== net50) (< netcoreapp2.0) (< netstandard2.1)) (== netstandard2.0)
      System.Memory (>= 4.5.4) - restriction: || (&& (== net50) (>= net461)) (&& (== net50) (< netcoreapp2.0) (< netstandard2.1)) (&& (== net50) (< netcoreapp2.1) (< netstandard2.1)) (&& (== net50) (>= uap10.1)) (== netstandard2.0)
    System.Text.Json (5.0.1)
    System.Text.RegularExpressions (4.3.1)
      System.Collections (>= 4.3) - restriction: || (&& (== net50) (< netcoreapp1.1)) (== netstandard2.0)
      System.Globalization (>= 4.3) - restriction: || (&& (== net50) (< netcoreapp1.1)) (== netstandard2.0)
      System.Resources.ResourceManager (>= 4.3) - restriction: || (&& (== net50) (< netcoreapp1.1)) (== netstandard2.0)
      System.Runtime (>= 4.3.1)
      System.Runtime.Extensions (>= 4.3.1) - restriction: || (&& (== net50) (< netcoreapp1.1)) (== netstandard2.0)
      System.Threading (>= 4.3) - restriction: || (&& (== net50) (< netcoreapp1.1)) (== netstandard2.0)
    System.Threading (4.3)
      System.Runtime (>= 4.3)
      System.Threading.Tasks (>= 4.3)
    System.Threading.Channels (5.0) - restriction: || (&& (== net50) (>= net461)) (&& (== net50) (< netcoreapp3.1)) (== netstandard2.0)
      System.Threading.Tasks.Extensions (>= 4.5.4) - restriction: || (&& (== net50) (>= net461)) (&& (== net50) (< netcoreapp2.1) (< netstandard2.1)) (&& (== net50) (< netstandard2.0)) (== netstandard2.0)
    System.Threading.Overlapped (4.3)
      Microsoft.NETCore.Platforms (>= 1.1)
      System.Resources.ResourceManager (>= 4.3)
      System.Runtime (>= 4.3)
      System.Runtime.Handles (>= 4.3)
    System.Threading.Tasks (4.3)
      Microsoft.NETCore.Platforms (>= 1.1)
      Microsoft.NETCore.Targets (>= 1.1)
      System.Runtime (>= 4.3)
    System.Threading.Tasks.Extensions (4.5.4)
      System.Runtime.CompilerServices.Unsafe (>= 4.5.3) - restriction: || (&& (== net50) (>= net461)) (&& (== net50) (< netcoreapp2.1)) (&& (== net50) (< netstandard1.0)) (&& (== net50) (< netstandard2.0)) (&& (== net50) (>= wp8)) (== netstandard2.0)
    System.Threading.Thread (4.3)
      System.Runtime (>= 4.3)
    System.Threading.ThreadPool (4.3)
      System.Runtime (>= 4.3)
      System.Runtime.Handles (>= 4.3)
    System.Threading.Timer (4.3) - restriction: || (== net50) (&& (== netstandard2.0) (>= netcoreapp3.1))
      Microsoft.NETCore.Platforms (>= 1.1)
      Microsoft.NETCore.Targets (>= 1.1)
      System.Runtime (>= 4.3)
    System.ValueTuple (4.5) - restriction: || (== net50) (&& (== netstandard2.0) (>= net50))
    System.Windows.Extensions (5.0) - restriction: || (== net50) (&& (== netstandard2.0) (>= netcoreapp3.0))
      System.Drawing.Common (>= 5.0) - restriction: || (== net50) (&& (== netstandard2.0) (>= netcoreapp3.0))
    System.Xml.ReaderWriter (4.3.1)
      System.Collections (>= 4.3)
      System.Diagnostics.Debug (>= 4.3)
      System.Globalization (>= 4.3)
      System.IO (>= 4.3)
      System.IO.FileSystem (>= 4.3)
      System.IO.FileSystem.Primitives (>= 4.3)
      System.Resources.ResourceManager (>= 4.3)
      System.Runtime (>= 4.3)
      System.Runtime.Extensions (>= 4.3)
      System.Runtime.InteropServices (>= 4.3)
      System.Text.Encoding (>= 4.3)
      System.Text.Encoding.Extensions (>= 4.3)
      System.Text.RegularExpressions (>= 4.3)
      System.Threading.Tasks (>= 4.3)
      System.Threading.Tasks.Extensions (>= 4.3)
    System.Xml.XDocument (4.3)
      System.Collections (>= 4.3)
      System.Diagnostics.Debug (>= 4.3)
      System.Diagnostics.Tools (>= 4.3)
      System.Globalization (>= 4.3)
      System.IO (>= 4.3)
      System.Reflection (>= 4.3)
      System.Resources.ResourceManager (>= 4.3)
      System.Runtime (>= 4.3)
      System.Runtime.Extensions (>= 4.3)
      System.Text.Encoding (>= 4.3)
      System.Threading (>= 4.3)
      System.Xml.ReaderWriter (>= 4.3)
    System.Xml.XmlDocument (4.3)
      System.Collections (>= 4.3)
      System.Diagnostics.Debug (>= 4.3)
      System.Globalization (>= 4.3)
      System.IO (>= 4.3)
      System.Resources.ResourceManager (>= 4.3)
      System.Runtime (>= 4.3)
      System.Runtime.Extensions (>= 4.3)
      System.Text.Encoding (>= 4.3)
      System.Threading (>= 4.3)
      System.Xml.ReaderWriter (>= 4.3)
    System.Xml.XmlSerializer (4.3)
      System.Collections (>= 4.3)
      System.Globalization (>= 4.3)
      System.IO (>= 4.3)
      System.Linq (>= 4.3)
      System.Reflection (>= 4.3)
      System.Reflection.Emit (>= 4.3)
      System.Reflection.Emit.ILGeneration (>= 4.3)
      System.Reflection.Extensions (>= 4.3)
      System.Reflection.Primitives (>= 4.3)
      System.Reflection.TypeExtensions (>= 4.3)
      System.Resources.ResourceManager (>= 4.3)
      System.Runtime (>= 4.3)
      System.Runtime.Extensions (>= 4.3)
      System.Text.RegularExpressions (>= 4.3)
      System.Threading (>= 4.3)
      System.Xml.ReaderWriter (>= 4.3)
      System.Xml.XmlDocument (>= 4.3)
    Utf8Json (1.3.7) - restriction: || (== net50) (&& (== netstandard2.0) (>= net50))
      System.Reflection.Emit (>= 4.3)
      System.Reflection.Emit.Lightweight (>= 4.3)
      System.Threading.Tasks.Extensions (>= 4.4)
      System.ValueTuple (>= 4.4)
    WindowsAzure.Storage (9.3.3)
      NETStandard.Library (>= 1.6.1)
      Newtonsoft.Json (>= 10.0.2)
    YamlDotNet (9.1.4) - restriction: || (== net50) (&& (== netstandard2.0) (>= netcoreapp3.1))
    YoloDev.Expecto.TestSdk (0.11.1)
      Expecto (>= 9.0 < 10.0) - restriction: || (== net50) (&& (== netstandard2.0) (>= netcoreapp2.1))
      FSharp.Core (>= 4.6) - restriction: || (== net50) (&& (== netstandard2.0) (>= netcoreapp2.1))
      System.Collections.Immutable (>= 1.5 < 5.1) - restriction: || (== net50) (&& (== netstandard2.0) (>= netcoreapp2.1))
